PATH
  remote: .
  specs:
    database_cleaner-active_record (1.8.0)
      activerecord
      database_cleaner (~> 1.8.0)

GEM
  remote: https://rubygems.org/
  specs:
    activemodel (3.0.0)
      activesupport (= 3.0.0)
      builder (~> 2.1.2)
      i18n (~> 0.4.1)
    activerecord (3.0.0)
      activemodel (= 3.0.0)
      activesupport (= 3.0.0)
      arel (~> 1.0.0)
      tzinfo (~> 0.3.23)
    activesupport (3.0.0)
    appraisal (2.2.0)
      bundler
      rake
      thor (>= 0.14.0)
    arel (1.0.1)
      activesupport (~> 3.0.0)
    builder (2.1.2)
    byebug (10.0.2)
    database_cleaner (1.8.0)
    diff-lcs (1.3)
    i18n (0.4.2)
    mysql2 (0.3.18)
    pg (0.18.2)
    rake (10.5.0)
    rspec (3.9.0)
      rspec-core (~> 3.9.0)
      rspec-expectations (~> 3.9.0)
      rspec-mocks (~> 3.9.0)
    rspec-core (3.9.1)
      rspec-support (~> 3.9.1)
    rspec-expectations (3.9.0)
      diff-lcs (>= 1.2.0, < 2.0)
      rspec-support (~> 3.9.0)
    rspec-mocks (3.9.1)
      diff-lcs (>= 1.2.0, < 2.0)
      rspec-support (~> 3.9.0)
    rspec-support (3.9.2)
    sqlite3 (1.3.10)
    thor (1.0.1)
    tzinfo (0.3.56)

PLATFORMS
  ruby

DEPENDENCIES
  appraisal
  bundler (~> 1.16)
  byebug
  database_cleaner-active_record!
  mysql2
  pg
  rake
  rspec
  sqlite3

BUNDLED WITH
   1.17.3
