PATH
  remote: .
  specs:
    database_cleaner-active_record (1.8.0)
      activerecord
      database_cleaner (~> 1.8.0)

GEM
  remote: https://rubygems.org/
  specs:
    activemodel (6.0.2.1)
      activesupport (= 6.0.2.1)
    activerecord (6.0.2.1)
      activemodel (= 6.0.2.1)
      activesupport (= 6.0.2.1)
    activesupport (6.0.2.1)
      concurrent-ruby (~> 1.0, >= 1.0.2)
      i18n (>= 0.7, < 2)
      minitest (~> 5.1)
      tzinfo (~> 1.1)
      zeitwerk (~> 2.2)
    appraisal (2.2.0)
      bundler
      rake
      thor (>= 0.14.0)
    byebug (11.1.1)
    concurrent-ruby (1.1.5)
    database_cleaner (1.8.0)
    diff-lcs (1.3)
    i18n (1.8.2)
      concurrent-ruby (~> 1.0)
    minitest (5.14.0)
    mysql2 (0.5.3)
    pg (1.2.2)
    rake (13.0.1)
    rspec (3.9.0)
      rspec-core (~> 3.9.0)
      rspec-expectations (~> 3.9.0)
      rspec-mocks (~> 3.9.0)
    rspec-core (3.9.1)
      rspec-support (~> 3.9.1)
    rspec-expectations (3.9.0)
      diff-lcs (>= 1.2.0, < 2.0)
      rspec-support (~> 3.9.0)
    rspec-mocks (3.9.1)
      diff-lcs (>= 1.2.0, < 2.0)
      rspec-support (~> 3.9.0)
    rspec-support (3.9.2)
    sqlite3 (1.4.2)
    thor (1.0.1)
    thread_safe (0.3.6)
    tzinfo (1.2.6)
      thread_safe (~> 0.1)
    zeitwerk (2.2.2)

PLATFORMS
  ruby

DEPENDENCIES
  appraisal
  bundler (~> 1.16)
  byebug
  database_cleaner-active_record!
  mysql2
  pg
  rake
  rspec
  sqlite3

BUNDLED WITH
   1.17.3
